PATH
  remote: .
  specs:
    realself-stream (0.0.10)
      bunny
      httparty
      json-schema
      multi_json

GEM
  remote: https://rubygems.org/
  specs:
    amq-protocol (1.9.0)
    bunny (1.0.5)
      amq-protocol (>= 1.9.0)
    diff-lcs (1.2.4)
    httparty (0.11.0)
      multi_json (~> 1.0)
      multi_xml (>= 0.5.2)
    json-schema (2.1.3)
    multi_json (1.8.0)
    multi_xml (0.5.5)
    rspec (2.14.1)
      rspec-core (~> 2.14.0)
      rspec-expectations (~> 2.14.0)
      rspec-mocks (~> 2.14.0)
    rspec-core (2.14.5)
    rspec-expectations (2.14.3)
      diff-lcs (>= 1.1.3, < 2.0)
    rspec-mocks (2.14.3)

PLATFORMS
  ruby

DEPENDENCIES
  realself-stream!
  rspec
