PATH
  remote: .
  specs:
    realself-stream (0.3.1)
      bunny
      httparty
      json-schema
      multi_json

GIT
  remote: ssh://git@github.com/RealSelf/stream-test-ruby.git
  revision: 22861357c30debac414242e68632e3eff2984a4b
  specs:
    stream-test (0.0.8)

GEM
  remote: https://rubygems.org/
  specs:
    addressable (2.3.6)
    amq-protocol (1.9.2)
    bunny (1.6.3)
      amq-protocol (>= 1.9.2)
    diff-lcs (1.2.5)
    httparty (0.13.3)
      json (~> 1.8)
      multi_xml (>= 0.5.2)
    json (1.8.1)
    json-schema (2.5.0)
      addressable (~> 2.3)
    multi_json (1.10.1)
    multi_xml (0.5.5)
    rspec (3.0.0)
      rspec-core (~> 3.0.0)
      rspec-expectations (~> 3.0.0)
      rspec-mocks (~> 3.0.0)
    rspec-core (3.0.2)
      rspec-support (~> 3.0.0)
    rspec-expectations (3.0.2)
      diff-lcs (>= 1.2.0, < 2.0)
      rspec-support (~> 3.0.0)
    rspec-mocks (3.0.2)
      rspec-support (~> 3.0.0)
    rspec-support (3.0.2)
    simplecov (0.7.1)
      multi_json (~> 1.0)
      simplecov-html (~> 0.7.1)
    simplecov-html (0.7.1)

PLATFORMS
  ruby

DEPENDENCIES
  realself-stream!
  rspec
  simplecov (~> 0.7.1)
  stream-test (= 0.0.8)!
