PATH
  remote: .
  specs:
    realself-stream (0.0.3)
      bunny
      json-schema
      multi_json

GEM
  remote: https://rubygems.org/
  specs:
    amq-protocol (1.7.0)
    bunny (0.10.6)
      amq-protocol (>= 1.6.0)
    diff-lcs (1.2.4)
    json-schema (2.1.3)
    multi_json (1.8.0)
    rspec (2.14.1)
      rspec-core (~> 2.14.0)
      rspec-expectations (~> 2.14.0)
      rspec-mocks (~> 2.14.0)
    rspec-core (2.14.5)
    rspec-expectations (2.14.2)
      diff-lcs (>= 1.1.3, < 2.0)
    rspec-mocks (2.14.3)

PLATFORMS
  ruby

DEPENDENCIES
  realself-stream!
  rspec
