PATH
  remote: .
  specs:
    realself-stream (0.4.1)
      bunny
      httparty
      json-schema
      multi_json

GIT
  remote: ssh://git@github.com/RealSelf/stream-test-ruby.git
  revision: 8612cf1e2869e73a19971cebc91057656a3648e7
  specs:
    stream-test (0.0.9)

GEM
  remote: https://rubygems.org/
  specs:
    addressable (2.3.7)
    amq-protocol (1.9.2)
    bson (1.9.2)
    bson_ext (1.9.2)
      bson (~> 1.9.2)
    bunny (1.7.0)
      amq-protocol (>= 1.9.2)
    diff-lcs (1.2.5)
    httparty (0.13.3)
      json (~> 1.8)
      multi_xml (>= 0.5.2)
    json (1.8.1)
    json-schema (2.5.1)
      addressable (~> 2.3.7)
    mongo (1.9.2)
      bson (~> 1.9.2)
    multi_json (1.10.1)
    multi_xml (0.5.5)
    rspec (3.0.0)
      rspec-core (~> 3.0.0)
      rspec-expectations (~> 3.0.0)
      rspec-mocks (~> 3.0.0)
    rspec-core (3.0.2)
      rspec-support (~> 3.0.0)
    rspec-expectations (3.0.2)
      diff-lcs (>= 1.2.0, < 2.0)
      rspec-support (~> 3.0.0)
    rspec-mocks (3.0.2)
      rspec-support (~> 3.0.0)
    rspec-support (3.0.2)
    simplecov (0.7.1)
      multi_json (~> 1.0)
      simplecov-html (~> 0.7.1)
    simplecov-html (0.7.1)

PLATFORMS
  ruby

DEPENDENCIES
  bson_ext (= 1.9.2)
  mongo (= 1.9.2)
  realself-stream!
  rspec
  simplecov (~> 0.7.1)
  stream-test (= 0.0.9)!
