PATH
  remote: .
  specs:
    realself-stream (1.3.3)
      bunny
      httparty
      json-schema
      multi_json

GEM
  remote: https://rubygems.org/
  specs:
    addressable (2.3.8)
    amq-protocol (2.0.0)
    bson (1.9.2)
    bson_ext (1.9.2)
      bson (~> 1.9.2)
    bunny (2.2.0)
      amq-protocol (>= 2.0.0)
    byebug (4.0.5)
      columnize (= 0.9.0)
    coderay (1.1.0)
    columnize (0.9.0)
    diff-lcs (1.2.5)
    httparty (0.13.7)
      json (~> 1.8)
      multi_xml (>= 0.5.2)
    json (1.8.3)
    json-schema (2.5.1)
      addressable (~> 2.3.7)
    method_source (0.8.2)
    mongo (1.9.2)
      bson (~> 1.9.2)
    multi_json (1.10.1)
    multi_xml (0.5.5)
    pry (0.10.1)
      coderay (~> 1.1.0)
      method_source (~> 0.8.1)
      slop (~> 3.4)
    pry-byebug (3.1.0)
      byebug (~> 4.0)
      pry (~> 0.10)
    rspec (3.0.0)
      rspec-core (~> 3.0.0)
      rspec-expectations (~> 3.0.0)
      rspec-mocks (~> 3.0.0)
    rspec-core (3.0.2)
      rspec-support (~> 3.0.0)
    rspec-expectations (3.0.2)
      diff-lcs (>= 1.2.0, < 2.0)
      rspec-support (~> 3.0.0)
    rspec-mocks (3.0.2)
      rspec-support (~> 3.0.0)
    rspec-support (3.0.2)
    serverengine (1.5.11)
      sigdump (~> 0.2.2)
    sigdump (0.2.3)
    simplecov (0.7.1)
      multi_json (~> 1.0)
      simplecov-html (~> 0.7.1)
    simplecov-html (0.7.1)
    slop (3.6.0)
    sneakers (2.3.0)
      bunny (~> 2.2.0)
      serverengine (~> 1.5.5)
      thor
      thread (~> 0.1.7)
    thor (0.19.1)
    thread (0.1.7)

PLATFORMS
  ruby

DEPENDENCIES
  bson_ext (= 1.9.2)
  mongo (= 1.9.2)
  pry-byebug
  realself-stream!
  rspec
  simplecov (~> 0.7.1)
  sneakers (= 2.3.0)
